GEM
  remote: http://rubygems.org/
  specs:
    actionmailer (2.3.14)
      actionpack (= 2.3.14)
    actionpack (2.3.14)
      activesupport (= 2.3.14)
      rack (~> 1.1.0)
    activerecord (2.3.14)
      activesupport (= 2.3.14)
    activeresource (2.3.14)
      activesupport (= 2.3.14)
    activesupport (2.3.14)
    authlogic (2.1.2)
      activesupport
    bcrypt-ruby (2.1.2)
    capistrano (2.14.1)
      highline
      net-scp (>= 1.0.0)
      net-sftp (>= 2.0.0)
      net-ssh (>= 2.0.14)
      net-ssh-gateway (>= 1.1.0)
    cgi_multipart_eof_fix (2.5.0)
    cloud_kicker (0.0.2)
    daemons (1.1.9)
    exifr (0.10.9)
    fastercsv (1.5.0)
    fastthread (1.0.7)
    gem_plugin (0.2.3)
    geokit (1.5.0)
    highline (1.6.15)
    mongrel (1.1.5)
      cgi_multipart_eof_fix (>= 2.4)
      daemons (>= 1.0.3)
      fastthread (>= 1.0.1)
      gem_plugin (>= 0.2.3)
    mysql (2.7)
    net-scp (1.0.4)
      net-ssh (>= 1.99.1)
    net-sftp (2.0.5)
      net-ssh (>= 2.0.9)
    net-ssh (2.6.3)
    net-ssh-gateway (1.1.0)
      net-ssh (>= 1.99.1)
    paperclip (2.3.1.1)
    rack (1.1.0)
    rails (2.3.14)
      actionmailer (= 2.3.14)
      actionpack (= 2.3.14)
      activerecord (= 2.3.14)
      activeresource (= 2.3.14)
      activesupport (= 2.3.14)
      rake (>= 0.8.3)
    rails-footnotes (3.6.7)
    rake (10.0.3)
    searchlogic (2.3.9)
      activerecord (>= 2.0.0)
    thunder_punch (0.0.10)
      capistrano (>= 2.5.5)
    will_paginate (2.3.11)

PLATFORMS
  ruby

DEPENDENCIES
  authlogic (= 2.1.2)
  bcrypt-ruby (= 2.1.2)
  cloud_kicker (= 0.0.2)
  exifr (= 0.10.9)
  fastercsv (= 1.5.0)
  geokit (= 1.5.0)
  mongrel
  mysql (= 2.7)
  paperclip (= 2.3.1.1)
  rack (= 1.1.0)
  rails (= 2.3.14)
  rails-footnotes
  searchlogic (= 2.3.9)
  thunder_punch (= 0.0.10)
  will_paginate (= 2.3.11)
